PATH
  remote: .
  specs:
    gravedigger (0.1.2)
      thor

GEM
  remote: https://rubygems.org/
  specs:
    minitest (5.13.0)
    rake (13.0.1)
    thor (0.20.3)

PLATFORMS
  ruby

DEPENDENCIES
  bundler (~> 2.0)
  gravedigger!
  minitest (~> 5.0)
  rake (~> 13.0)
  thor

BUNDLED WITH
   2.0.2
